GEM
  remote: https://rubygems.org/
  specs:
    gosu (0.7.48)

PLATFORMS
  ruby

DEPENDENCIES
  gosu (~> 0.7.48)
